PATH
  remote: .
  specs:
    etcsv (0.1.0)
      etsy
      json

GEM
  remote: https://rubygems.org/
  specs:
    byebug (11.1.3)
    diff-lcs (1.4.4)
    etsy (0.3.3)
      json (>= 1.5.0)
      oauth (~> 0.4.0)
    json (2.6.1)
    oauth (0.4.7)
    rake (12.3.3)
    rspec (3.10.0)
      rspec-core (~> 3.10.0)
      rspec-expectations (~> 3.10.0)
      rspec-mocks (~> 3.10.0)
    rspec-core (3.10.1)
      rspec-support (~> 3.10.0)
    rspec-expectations (3.10.1)
      diff-lcs (>= 1.2.0, < 2.0)
      rspec-support (~> 3.10.0)
    rspec-mocks (3.10.2)
      diff-lcs (>= 1.2.0, < 2.0)
      rspec-support (~> 3.10.0)
    rspec-support (3.10.2)

PLATFORMS
  ruby

DEPENDENCIES
  byebug
  etcsv!
  rake (~> 12.0)
  rspec (~> 3.0)

BUNDLED WITH
   2.1.4
